PATH
  remote: .
  specs:
    resque_unit (0.4.8)
      json (>= 1.4.6)

GEM
  remote: https://rubygems.org/
  specs:
    json (2.3.0)
    minitest (5.14.1)
    rake (13.0.1)
    rdoc (6.2.1)

PLATFORMS
  ruby

DEPENDENCIES
  bundler
  minitest (~> 5.0)
  rake
  rdoc
  resque_unit!

BUNDLED WITH
   2.0.1
