PATH
  remote: .
  specs:
    resque_unit (0.4.3)
      json (>= 1.4.6)

GEM
  remote: http://rubygems.org/
  specs:
    json (1.6.5)
    rake (0.8.7)
    shoulda (2.11.3)

PLATFORMS
  ruby

DEPENDENCIES
  bundler
  rake
  resque_unit!
  shoulda
